GEM
  remote: https://rubygems.org/
  specs:
    addressable (2.8.1)
      public_suffix (>= 2.0.2, < 6.0)
    colorize (0.8.1)
    launchy (2.4.3)
      addressable (~> 2.3)
    mini_portile2 (2.4.0)
    nokogiri (1.10.4)
      mini_portile2 (~> 2.4.0)
    public_suffix (5.0.0)

PLATFORMS
  ruby

DEPENDENCIES
  colorize
  launchy
  nokogiri

BUNDLED WITH
   2.0.1
