GEM
  remote: https://rubygems.org/
  specs:
    addressable (2.7.0)
      public_suffix (>= 2.0.2, < 5.0)
    colorize (0.8.1)
    launchy (2.4.3)
      addressable (~> 2.3)
    mini_portile2 (2.5.1)
    nokogiri (1.11.4)
      mini_portile2 (~> 2.5.0)
      racc (~> 1.4)
    public_suffix (4.0.1)
    racc (1.5.2)

PLATFORMS
  ruby

DEPENDENCIES
  colorize
  launchy
  nokogiri

BUNDLED WITH
   2.0.1
